NUGET
  remote: https://nuget.org/api/v2
  specs:
    EntityFramework (6.1.3) - framework: net40, net45, net451, >= net46
    FAKE (4.8.0)
    FSharp.Compiler.Service (1.4.2.1)
    FSharp.Core (4.0.0.1)
    FSharp.Formatting (2.9.3)
      FSharp.Compiler.Service (>= 0.0.87)
      FSharpVSPowerTools.Core (1.8.0)
    FSharpVSPowerTools.Core (1.8.0)
      FSharp.Compiler.Service (>= 0.0.87)
    FsLexYacc (6.1.0)
      FsLexYacc.Runtime (>= 6.1.0)
    FsLexYacc.Runtime (6.1.0)
    MathNet.Numerics (3.8.0)
      TaskParallelLibrary (>= 1.0.2856.0) - framework: net35
    MathNet.Numerics.FSharp (3.8.0)
      FSharp.Core (>= 3.1.2.5)
      MathNet.Numerics (3.8.0)
    Microsoft.Bcl (1.1.10)
      Microsoft.Bcl.Build (>= 1.0.14)
    Microsoft.Bcl.Build (1.0.21) - import_targets: false
    Microsoft.Net.Http (2.2.29)
      Microsoft.Bcl (>= 1.1.10)
      Microsoft.Bcl.Build (>= 1.0.14)
    MySql.Data (6.9.8)
    NUnit (2.6.4)
    NUnit.Runners (2.6.4)
    Octokit (0.16.0)
      Microsoft.Net.Http
    odp.net.x86 (112.3.20)
    SourceLink.Fake (1.1.0)
    System.Data.SQLite (1.0.98.1)
      System.Data.SQLite.Core (>= 1.0.98.1) - framework: net20, net40, net45, net451, >= net46
      System.Data.SQLite.EF6 (>= 1.0.98.1) - framework: net40, net45, net451, >= net46
      System.Data.SQLite.Linq (>= 1.0.98.1) - framework: net20, net40, net45, net451, >= net46
    System.Data.SQLite.Core (1.0.98.1) - framework: net20, net40, net45, net451, >= net46
    System.Data.SQLite.EF6 (1.0.98.1) - framework: net40, net45, net451, >= net46
      EntityFramework (>= 6.0.0.0) - framework: net40, net45, net451, >= net46
    System.Data.SQLite.Linq (1.0.98.1) - framework: net20, net40, net45, net451, >= net46
    TaskParallelLibrary (1.0.2856) - framework: net35
GITHUB
  remote: fsharp/FAKE
  specs:
    modules/Octokit/Octokit.fsx (545fb5d2cc7901bcbfd8f7f1a53da8f7f169deda)
      Octokit